GEM
  remote: https://rubygems.org/
  specs:
    commander-openflighthpc (1.1.0)
      highline (~> 1.7.2)
      paint (~> 2.1.0)
    faraday (0.15.4)
      multipart-post (>= 1.2, < 3)
    flight_config (0.2.0)
      tty-config
    highline (1.7.10)
    multipart-post (2.1.1)
    paint (2.1.0)
    tty-config (0.3.2)

PLATFORMS
  ruby

DEPENDENCIES
  commander-openflighthpc
  faraday
  flight_config

BUNDLED WITH
   1.17.3
