GEM
  remote: https://rubygems.org/
  specs:
    coderay (1.1.2)
    commander-openflighthpc (1.1.0)
      highline (~> 1.7.2)
      paint (~> 2.1.0)
    faraday (0.15.4)
      multipart-post (>= 1.2, < 3)
    faraday_middleware (0.13.1)
      faraday (>= 0.7.4, < 1.0)
    flight_config (0.2.0)
      tty-config
    hashie (3.6.0)
    highline (1.7.10)
    method_source (0.9.2)
    multipart-post (2.1.1)
    paint (2.1.0)
    pry (0.12.2)
      coderay (~> 1.1.0)
      method_source (~> 0.9.0)
    tty-config (0.3.2)

PLATFORMS
  ruby

DEPENDENCIES
  commander-openflighthpc
  faraday
  faraday_middleware
  flight_config
  hashie
  pry

BUNDLED WITH
   1.17.3
